GEM
  remote: https://rubygems.org/
  specs:
    coderay (1.1.2)
    google-protobuf (3.7.1)
    googleapis-common-protos-types (1.0.3)
      google-protobuf (~> 3.0)
    grpc (1.19.0)
      google-protobuf (~> 3.1)
      googleapis-common-protos-types (~> 1.0.0)
    grpc-tools (1.19.0)
    method_source (0.9.2)
    pry (0.12.2)
      coderay (~> 1.1.0)
      method_source (~> 0.9.0)

PLATFORMS
  ruby

DEPENDENCIES
  grpc
  grpc-tools
  pry

BUNDLED WITH
   1.16.2
